GEM
  remote: http://rubygems.org/
  specs:
    activesupport (3.2.8)
      i18n (~> 0.6)
      multi_json (~> 1.0)
    ansi (1.4.3)
    builder (3.1.3)
    coderay (1.0.7)
    five_leaves (0.2.1)
    grasshopper (0.4.3)
      minitest
    hashie (1.2.0)
    highline (1.6.15)
    i18n (0.6.1)
    method_source (0.8)
    minitest (3.4.0)
    minitest-reporters (0.10.2)
      ansi
      builder
      minitest (>= 2.12, < 4.0)
      powerbar
    multi_json (1.3.6)
    powerbar (1.0.8)
      ansi (~> 1.4.0)
      hashie (>= 1.1.0)
    pry (0.9.10)
      coderay (~> 1.0.5)
      method_source (~> 0.8)
      slop (~> 3.3.1)
    rake (0.9.2.2)
    slop (3.3.3)

PLATFORMS
  ruby

DEPENDENCIES
  activesupport
  bundler
  five_leaves
  grasshopper
  highline
  minitest
  minitest-reporters (>= 0.5.0)
  pry
  rake
