PATH
  remote: .
  specs:
    posto (0.4.0)
      activesupport
      five_leaves
      highline

GEM
  remote: https://rubygems.org/
  specs:
    activesupport (3.2.13)
      i18n (= 0.6.1)
      multi_json (~> 1.0)
    ansi (1.4.3)
    builder (3.2.0)
    coderay (1.0.9)
    five_leaves (0.2.1)
    grasshopper (0.4.5)
      minitest
    hashie (2.0.5)
    highline (1.6.19)
    i18n (0.6.1)
    method_source (0.8.1)
    minitest (4.7.4)
    minitest-reporters (0.14.20)
      ansi
      builder
      minitest (>= 2.12, < 5.0)
      powerbar
    multi_json (1.7.4)
    powerbar (1.0.11)
      ansi (~> 1.4.0)
      hashie (>= 1.1.0)
    pry (0.9.12.2)
      coderay (~> 1.0.5)
      method_source (~> 0.8)
      slop (~> 3.4)
    rake (10.0.4)
    slop (3.4.5)

PLATFORMS
  ruby

DEPENDENCIES
  bundler
  grasshopper
  minitest
  minitest-reporters (>= 0.5.0)
  posto!
  pry
  rake
