PATH
  remote: .
  specs:
    posto (0.4.0)
      activesupport
      five_leaves
      highline

GEM
  remote: http://rubygems.org/
  specs:
    activesupport (3.2.9)
      i18n (~> 0.6)
      multi_json (~> 1.0)
    ansi (1.4.3)
    builder (3.1.4)
    coderay (1.0.8)
    five_leaves (0.2.1)
    grasshopper (0.4.5)
      minitest
    hashie (1.2.0)
    highline (1.6.15)
    i18n (0.6.1)
    method_source (0.8.1)
    minitest (4.3.3)
    minitest-reporters (0.13.1)
      ansi
      builder
      minitest (>= 2.12, < 5.0)
      powerbar
    multi_json (1.5.0)
    powerbar (1.0.11)
      ansi (~> 1.4.0)
      hashie (>= 1.1.0)
    pry (0.9.10)
      coderay (~> 1.0.5)
      method_source (~> 0.8)
      slop (~> 3.3.1)
    rake (10.0.3)
    slop (3.3.3)

PLATFORMS
  ruby

DEPENDENCIES
  bundler
  grasshopper
  minitest
  minitest-reporters (>= 0.5.0)
  posto!
  pry
  rake
